PATH
  remote: .
  specs:
    deadweight (0.2.2)
      css_parser (~> 1.2.6)
      nokogiri

GEM
  remote: http://rubygems.org/
  specs:
    addressable (2.3.5)
    css_parser (1.2.6)
      addressable
      rdoc
    domain_name (0.5.3)
      unf (~> 0.0.3)
    json (1.8.1)
    mechanize (2.5.1)
      domain_name (~> 0.5, >= 0.5.1)
      mime-types (~> 1.17, >= 1.17.2)
      net-http-digest_auth (~> 1.1, >= 1.1.1)
      net-http-persistent (~> 2.5, >= 2.5.2)
      nokogiri (~> 1.4)
      ntlm-http (~> 0.1, >= 0.1.1)
      webrobots (~> 0.0, >= 0.0.9)
    mime-types (1.19)
    net-http-digest_auth (1.2.1)
    net-http-persistent (2.7)
    nokogiri (1.4.4)
    ntlm-http (0.1.1)
    rake (0.9.2)
    rdoc (4.1.0)
      json (~> 1.4)
    shoulda (2.11.3)
    unf (0.0.5)
      unf_ext
    unf_ext (0.0.5)
    webrobots (0.0.13)

PLATFORMS
  ruby

DEPENDENCIES
  deadweight!
  mechanize (~> 2.5.1)
  rake
  shoulda
